PATH
  remote: vendor/gems/self_control
  specs:
    self_control (0.1.0)

GEM
  remote: https://rubygems.org/
  specs:
    CFPropertyList (3.0.3)
    actioncable (6.0.3.4)
      actionpack (= 6.0.3.4)
      nio4r (~> 2.0)
      websocket-driver (>= 0.6.1)
    actionmailbox (6.0.3.4)
      actionpack (= 6.0.3.4)
      activejob (= 6.0.3.4)
      activerecord (= 6.0.3.4)
      activestorage (= 6.0.3.4)
      activesupport (= 6.0.3.4)
      mail (>= 2.7.1)
    actionmailer (6.0.3.4)
      actionpack (= 6.0.3.4)
      actionview (= 6.0.3.4)
      activejob (= 6.0.3.4)
      mail (~> 2.5, >= 2.5.4)
      rails-dom-testing (~> 2.0)
    actionpack (6.0.3.4)
      actionview (= 6.0.3.4)
      activesupport (= 6.0.3.4)
      rack (~> 2.0, >= 2.0.8)
      rack-test (>= 0.6.3)
      rails-dom-testing (~> 2.0)
      rails-html-sanitizer (~> 1.0, >= 1.2.0)
    actiontext (6.0.3.4)
      actionpack (= 6.0.3.4)
      activerecord (= 6.0.3.4)
      activestorage (= 6.0.3.4)
      activesupport (= 6.0.3.4)
      nokogiri (>= 1.8.5)
    actionview (6.0.3.4)
      activesupport (= 6.0.3.4)
      builder (~> 3.1)
      erubi (~> 1.4)
      rails-dom-testing (~> 2.0)
      rails-html-sanitizer (~> 1.1, >= 1.2.0)
    active_attr (0.15.0)
      actionpack (>= 3.0.2, < 6.1)
      activemodel (>= 3.0.2, < 6.1)
      activesupport (>= 3.0.2, < 6.1)
    active_record_extended (2.0.0)
      activerecord (>= 5.1, < 6.2)
      ar_outer_joins (~> 0.2)
      pg (< 3.0)
    activejob (6.0.3.4)
      activesupport (= 6.0.3.4)
      globalid (>= 0.3.6)
    activemodel (6.0.3.4)
      activesupport (= 6.0.3.4)
    activerecord (6.0.3.4)
      activemodel (= 6.0.3.4)
      activesupport (= 6.0.3.4)
    activestorage (6.0.3.4)
      actionpack (= 6.0.3.4)
      activejob (= 6.0.3.4)
      activerecord (= 6.0.3.4)
      marcel (~> 0.3.1)
    activesupport (6.0.3.4)
      concurrent-ruby (~> 1.0, >= 1.0.2)
      i18n (>= 0.7, < 2)
      minitest (~> 5.1)
      tzinfo (~> 1.1)
      zeitwerk (~> 2.2, >= 2.2.2)
    addressable (2.7.0)
      public_suffix (>= 2.0.2, < 5.0)
    annotate (3.1.1)
      activerecord (>= 3.2, < 7.0)
      rake (>= 10.4, < 14.0)
    ar_outer_joins (0.2.0)
      activerecord (>= 3.2)
    ast (2.4.1)
    atomos (0.1.3)
    aws-eventstream (1.1.0)
    aws-partitions (1.410.0)
    aws-sdk-core (3.110.0)
      aws-eventstream (~> 1, >= 1.0.2)
      aws-partitions (~> 1, >= 1.239.0)
      aws-sigv4 (~> 1.1)
      jmespath (~> 1.0)
    aws-sdk-kms (1.40.0)
      aws-sdk-core (~> 3, >= 3.109.0)
      aws-sigv4 (~> 1.1)
    aws-sdk-s3 (1.86.2)
      aws-sdk-core (~> 3, >= 3.109.0)
      aws-sdk-kms (~> 1.26)
      aws-sigv4 (~> 1.1)
    aws-sigv4 (1.2.2)
      aws-eventstream (~> 1, >= 1.0.2)
    babosa (1.0.4)
    backport (1.1.2)
    bcrypt (3.1.16)
    benchmark (0.1.0)
    better_errors (2.9.1)
      coderay (>= 1.0.0)
      erubi (>= 1.0.0)
      rack (>= 0.9.0)
    binding_of_caller (0.8.0)
      debug_inspector (>= 0.0.1)
    bootsnap (1.5.1)
      msgpack (~> 1.0)
    builder (3.2.4)
    bullet (6.1.2)
      activesupport (>= 3.0.0)
      uniform_notifier (~> 1.11)
    byebug (11.1.3)
    claide (1.0.3)
    coderay (1.1.3)
    colored (1.2)
    colored2 (3.1.2)
    commander-fastlane (4.4.6)
      highline (~> 1.7.2)
    concurrent-ruby (1.1.7)
    connection_pool (2.2.3)
    crass (1.0.6)
    creek (2.5.2)
      nokogiri (>= 1.10.0)
      rubyzip (>= 1.0.0)
    debug_inspector (0.0.3)
    declarative (0.0.20)
    declarative-option (0.1.0)
    diff-lcs (1.4.4)
    digest-crc (0.6.3)
      rake (>= 12.0.0, < 14.0.0)
    domain_name (0.5.20190701)
      unf (>= 0.0.5, < 1.0.0)
    dotenv (2.7.6)
    dotenv-rails (2.7.6)
      dotenv (= 2.7.6)
      railties (>= 3.2)
    e2mmap (0.1.0)
    emoji_regex (3.2.1)
    enumerize (2.4.0)
      activesupport (>= 3.2)
    erubi (1.10.0)
    et-orbi (1.2.4)
      tzinfo
    exception_notification (4.4.3)
      actionmailer (>= 4.0, < 7)
      activesupport (>= 4.0, < 7)
    excon (0.78.1)
    fabrication (2.21.1)
    faker (2.15.1)
      i18n (>= 1.6, < 2)
    faraday (1.1.0)
      multipart-post (>= 1.2, < 3)
      ruby2_keywords
    faraday-cookie_jar (0.0.7)
      faraday (>= 0.8.0)
      http-cookie (~> 1.0.0)
    faraday_middleware (1.0.0)
      faraday (~> 1.0)
    fast_blank (1.0.0)
    fast_jsonapi (1.5)
      activesupport (>= 4.2)
    fast_xs (0.8.0)
    fastimage (2.2.0)
    fastlane (2.170.0)
      CFPropertyList (>= 2.3, < 4.0.0)
      addressable (>= 2.3, < 3.0.0)
      aws-sdk-s3 (~> 1.0)
      babosa (>= 1.0.3, < 2.0.0)
      bundler (>= 1.12.0, < 3.0.0)
      colored
      commander-fastlane (>= 4.4.6, < 5.0.0)
      dotenv (>= 2.1.1, < 3.0.0)
      emoji_regex (>= 0.1, < 4.0)
      excon (>= 0.71.0, < 1.0.0)
      faraday (~> 1.0)
      faraday-cookie_jar (~> 0.0.6)
      faraday_middleware (~> 1.0)
      fastimage (>= 2.1.0, < 3.0.0)
      gh_inspector (>= 1.1.2, < 2.0.0)
      google-api-client (>= 0.37.0, < 0.39.0)
      google-cloud-storage (>= 1.15.0, < 2.0.0)
      highline (>= 1.7.2, < 2.0.0)
      json (< 3.0.0)
      jwt (>= 2.1.0, < 3)
      mini_magick (>= 4.9.4, < 5.0.0)
      multipart-post (~> 2.0.0)
      plist (>= 3.1.0, < 4.0.0)
      rubyzip (>= 2.0.0, < 3.0.0)
      security (= 0.1.3)
      simctl (~> 1.6.3)
      slack-notifier (>= 2.0.0, < 3.0.0)
      terminal-notifier (>= 2.0.0, < 3.0.0)
      terminal-table (>= 1.4.5, < 2.0.0)
      tty-screen (>= 0.6.3, < 1.0.0)
      tty-spinner (>= 0.8.0, < 1.0.0)
      word_wrap (~> 1.0.0)
      xcodeproj (>= 1.13.0, < 2.0.0)
      xcpretty (~> 0.3.0)
      xcpretty-travis-formatter (>= 0.0.3)
    fastlane-plugin-codepush (0.2.1)
    fastlane-plugin-cordova (3.1.1)
    ffi (1.14.1)
    foreman (0.87.2)
    fugit (1.4.1)
      et-orbi (~> 1.1, >= 1.1.8)
      raabro (~> 1.4)
    gh_inspector (1.1.3)
    globalid (0.4.2)
      activesupport (>= 4.2.0)
    google-api-client (0.38.0)
      addressable (~> 2.5, >= 2.5.1)
      googleauth (~> 0.9)
      httpclient (>= 2.8.1, < 3.0)
      mini_mime (~> 1.0)
      representable (~> 3.0)
      retriable (>= 2.0, < 4.0)
      signet (~> 0.12)
    google-cloud-core (1.5.0)
      google-cloud-env (~> 1.0)
      google-cloud-errors (~> 1.0)
    google-cloud-env (1.4.0)
      faraday (>= 0.17.3, < 2.0)
    google-cloud-errors (1.0.1)
    google-cloud-storage (1.29.2)
      addressable (~> 2.5)
      digest-crc (~> 0.4)
      google-api-client (~> 0.33)
      google-cloud-core (~> 1.2)
      googleauth (~> 0.9)
      mini_mime (~> 1.0)
    googleauth (0.14.0)
      faraday (>= 0.17.3, < 2.0)
      jwt (>= 1.4, < 3.0)
      memoist (~> 0.16)
      multi_json (~> 1.11)
      os (>= 0.9, < 2.0)
      signet (~> 0.14)
    highline (1.7.10)
    htmlentities (4.3.4)
    http-cookie (1.0.3)
      domain_name (~> 0.5)
    httpclient (2.8.3)
    i18n (1.8.5)
      concurrent-ruby (~> 1.0)
    interception (0.5)
    jaro_winkler (1.5.4)
    jmespath (1.4.0)
    json (1.8.6)
    json-schema (2.8.1)
      addressable (>= 2.4)
    jwt (2.2.2)
    kramdown (2.3.0)
      rexml
    kramdown-parser-gfm (1.1.0)
      kramdown (~> 2.0)
    listen (3.3.3)
      rb-fsevent (~> 0.10, >= 0.10.3)
      rb-inotify (~> 0.9, >= 0.9.10)
    lograge (0.11.2)
      actionpack (>= 4)
      activesupport (>= 4)
      railties (>= 4)
      request_store (~> 1.0)
    loofah (2.8.0)
      crass (~> 1.0.2)
      nokogiri (>= 1.5.9)
    mail (2.7.1)
      mini_mime (>= 0.1.1)
    marcel (0.3.3)
      mimemagic (~> 0.3.2)
    memoist (0.16.2)
    method_source (1.0.0)
    mime-types (2.99.3)
    mimemagic (0.3.5)
    mini_magick (4.11.0)
    mini_mime (1.0.2)
    mini_portile2 (2.4.0)
    mini_sql (0.3)
    minitest (5.14.2)
    msgpack (1.3.3)
    multi_json (1.15.0)
    multipart-post (2.0.0)
    nanaimo (0.3.0)
    naturally (2.2.0)
    netrc (0.11.0)
    nio4r (2.5.4)
    nokogiri (1.10.10)
      mini_portile2 (~> 2.4.0)
    oj (3.10.14)
    os (1.1.1)
    pagy (3.10.0)
    parallel (1.19.2)
    parallel_tests (3.2.0)
      parallel
    parser (2.7.2.0)
      ast (~> 2.4.1)
    pg (1.2.3)
    phonelib (0.6.46)
    plist (3.5.0)
    plivo (0.3.19)
      builder (>= 2.1.2)
      htmlentities (~> 4.3, >= 4.3.1)
      json (~> 1.6, >= 1.6.6)
      rest-client (~> 1.6, >= 1.6.7)
    pony (1.13.1)
      mail (>= 2.0)
    pry (0.13.1)
      coderay (~> 1.1)
      method_source (~> 1.0)
    pry-rails (0.3.9)
      pry (>= 0.10.4)
    pry-rescue (1.5.2)
      interception (>= 0.5)
      pry (>= 0.12.0)
    pry-stack_explorer (0.5.1)
      binding_of_caller (~> 0.7)
      pry (~> 0.13)
    public_suffix (4.0.6)
    puma (4.3.7)
      nio4r (~> 2.0)
    raabro (1.4.0)
    rack (2.2.3)
    rack-cors (1.1.1)
      rack (>= 2.0.0)
    rack-freeze (1.3.1)
      rack (~> 2.0)
    rack-test (1.1.0)
      rack (>= 1.0, < 3)
    rack_csrf (2.6.0)
      rack (>= 1.1.0)
    rails (6.0.3.4)
      actioncable (= 6.0.3.4)
      actionmailbox (= 6.0.3.4)
      actionmailer (= 6.0.3.4)
      actionpack (= 6.0.3.4)
      actiontext (= 6.0.3.4)
      actionview (= 6.0.3.4)
      activejob (= 6.0.3.4)
      activemodel (= 6.0.3.4)
      activerecord (= 6.0.3.4)
      activestorage (= 6.0.3.4)
      activesupport (= 6.0.3.4)
      bundler (>= 1.3.0)
      railties (= 6.0.3.4)
      sprockets-rails (>= 2.0.0)
    rails-dom-testing (2.0.3)
      activesupport (>= 4.2.0)
      nokogiri (>= 1.6)
    rails-html-sanitizer (1.3.0)
      loofah (~> 2.3)
    rails-i18n (6.0.0)
      i18n (>= 0.7, < 2)
      railties (>= 6.0.0, < 7)
    railties (6.0.3.4)
      actionpack (= 6.0.3.4)
      activesupport (= 6.0.3.4)
      method_source
      rake (>= 0.8.7)
      thor (>= 0.20.3, < 2.0)
    rainbow (3.0.0)
    rake (13.0.3)
    rb-fsevent (0.10.4)
    rb-inotify (0.10.1)
      ffi (~> 1.0)
    redis (4.2.5)
    regexp_parser (2.0.1)
    representable (3.0.4)
      declarative (< 0.1.0)
      declarative-option (< 0.2.0)
      uber (< 0.2.0)
    request_store (1.5.0)
      rack (>= 1.4)
    rest-client (1.8.0)
      http-cookie (>= 1.0.2, < 2.0)
      mime-types (>= 1.16, < 3.0)
      netrc (~> 0.7)
    retriable (3.1.2)
    reverse_markdown (2.0.0)
      nokogiri
    rexml (3.2.4)
    rouge (2.0.7)
    rspec (3.10.0)
      rspec-core (~> 3.10.0)
      rspec-expectations (~> 3.10.0)
      rspec-mocks (~> 3.10.0)
    rspec-core (3.10.0)
      rspec-support (~> 3.10.0)
    rspec-expectations (3.10.0)
      diff-lcs (>= 1.2.0, < 2.0)
      rspec-support (~> 3.10.0)
    rspec-mocks (3.10.0)
      diff-lcs (>= 1.2.0, < 2.0)
      rspec-support (~> 3.10.0)
    rspec-rails (4.0.1)
      actionpack (>= 4.2)
      activesupport (>= 4.2)
      railties (>= 4.2)
      rspec-core (~> 3.9)
      rspec-expectations (~> 3.9)
      rspec-mocks (~> 3.9)
      rspec-support (~> 3.9)
    rspec-sidekiq (3.1.0)
      rspec-core (~> 3.0, >= 3.0.0)
      sidekiq (>= 2.4.0)
    rspec-support (3.10.0)
    rswag-specs (2.3.1)
      activesupport (>= 3.1, < 7.0)
      json-schema (~> 2.2)
      railties (>= 3.1, < 7.0)
    rubocop (1.6.1)
      parallel (~> 1.10)
      parser (>= 2.7.1.5)
      rainbow (>= 2.2.2, < 4.0)
      regexp_parser (>= 1.8, < 3.0)
      rexml
      rubocop-ast (>= 1.2.0, < 2.0)
      ruby-progressbar (~> 1.7)
      unicode-display_width (>= 1.4.0, < 2.0)
    rubocop-ast (1.3.0)
      parser (>= 2.7.1.5)
    rubocop-performance (1.9.1)
      rubocop (>= 0.90.0, < 2.0)
      rubocop-ast (>= 0.4.0)
    rubocop-rails (2.9.1)
      activesupport (>= 4.2.0)
      rack (>= 1.1)
      rubocop (>= 0.90.0, < 2.0)
    rubocop-rspec (2.1.0)
      rubocop (~> 1.0)
      rubocop-ast (>= 1.1.0)
    ruby-progressbar (1.10.1)
    ruby2_keywords (0.0.2)
    ruby_http_client (3.5.1)
    rubyzip (2.3.0)
    security (0.1.3)
    seed-fu (2.3.9)
      activerecord (>= 3.1)
      activesupport (>= 3.1)
    sendgrid-ruby (6.3.8)
      ruby_http_client (~> 3.4)
    shoulda-matchers (4.4.1)
      activesupport (>= 4.2.0)
    sidekiq (6.1.2)
      connection_pool (>= 2.2.2)
      rack (~> 2.0)
      redis (>= 4.2.0)
    sidekiq-cron (1.2.0)
      fugit (~> 1.1)
      sidekiq (>= 4.2.1)
    signet (0.14.0)
      addressable (~> 2.3)
      faraday (>= 0.17.3, < 2.0)
      jwt (>= 1.5, < 3.0)
      multi_json (~> 1.10)
    simctl (1.6.8)
      CFPropertyList
      naturally
    simple_form (5.0.3)
      actionpack (>= 5.0)
      activemodel (>= 5.0)
    skylight (4.3.2)
      skylight-core (= 4.3.2)
    skylight-core (4.3.2)
      activesupport (>= 4.2.0)
    slack-notifier (2.3.2)
    solargraph (0.40.0)
      backport (~> 1.1)
      benchmark
      bundler (>= 1.17.2)
      e2mmap
      jaro_winkler (~> 1.5)
      kramdown (~> 2.3)
      kramdown-parser-gfm (~> 1.1)
      parser (~> 2.3)
      reverse_markdown (>= 1.0.5, < 3)
      rubocop (>= 0.52)
      thor (~> 1.0)
      tilt (~> 2.0)
      yard (~> 0.9, >= 0.9.24)
    spring (2.1.1)
    spring-watcher-listen (2.0.1)
      listen (>= 2.7, < 4.0)
      spring (>= 1.2, < 3.0)
    sprockets (4.0.2)
      concurrent-ruby (~> 1.0)
      rack (> 1, < 3)
    sprockets-rails (3.2.2)
      actionpack (>= 4.0)
      activesupport (>= 4.0)
      sprockets (>= 3.0.0)
    strip_attributes (1.11.0)
      activemodel (>= 3.0, < 7.0)
    table_print (1.5.7)
    terminal-notifier (2.0.0)
    terminal-table (1.8.0)
      unicode-display_width (~> 1.1, >= 1.1.1)
    thor (1.0.1)
    thread_safe (0.3.6)
    tilt (2.0.10)
    tty-cursor (0.7.1)
    tty-screen (0.8.1)
    tty-spinner (0.9.3)
      tty-cursor (~> 0.7)
    tzinfo (1.2.9)
      thread_safe (~> 0.1)
    uber (0.1.0)
    unf (0.1.4)
      unf_ext
    unf_ext (0.0.7.7)
    unicode-display_width (1.7.0)
    uniform_notifier (1.13.0)
    valid_email2 (3.5.0)
      activemodel (>= 3.2)
      mail (~> 2.5)
    websocket-driver (0.7.3)
      websocket-extensions (>= 0.1.0)
    websocket-extensions (0.1.5)
    word_wrap (1.0.0)
    xcodeproj (1.19.0)
      CFPropertyList (>= 2.3.3, < 4.0)
      atomos (~> 0.1.3)
      claide (>= 1.0.2, < 2.0)
      colored2 (~> 3.1)
      nanaimo (~> 0.3.0)
    xcpretty (0.3.0)
      rouge (~> 2.0.7)
    xcpretty-travis-formatter (1.0.0)
      xcpretty (~> 0.2, >= 0.0.7)
    xorcist (1.1.2)
    yard (0.9.25)
    zeitwerk (2.4.2)

PLATFORMS
  ruby

DEPENDENCIES
  active_attr
  active_record_extended
  annotate
  bcrypt (~> 3.1.7)
  better_errors
  binding_of_caller
  bootsnap
  bullet (~> 6.1.0)
  byebug
  creek
  dotenv-rails
  enumerize
  exception_notification
  fabrication
  faker
  faraday
  fast_blank
  fast_jsonapi
  fast_xs
  fastlane
  fastlane-plugin-codepush
  fastlane-plugin-cordova
  foreman
  jaro_winkler
  jwt
  listen (~> 3.2)
  lograge
  memoist
  mini_sql
  multi_json
  oj
  pagy
  parallel_tests
  pg (>= 0.18, < 2.0)
  phonelib
  plivo
  pony
  pry-rails
  pry-rescue
  pry-stack_explorer
  puma (~> 4.1)
  rack-cors
  rack-freeze
  rack_csrf
  rails (~> 6.0.3, >= 6.0.3.2)
  rails-i18n (~> 6.0.0)
  rspec
  rspec-rails
  rspec-sidekiq
  rswag-specs
  rubocop
  rubocop-performance
  rubocop-rails
  rubocop-rspec
  seed-fu (~> 2.3)
  self_control!
  sendgrid-ruby
  shoulda-matchers
  sidekiq (< 7)
  sidekiq-cron (= 1.2)
  simple_form
  skylight
  solargraph
  spring
  spring-watcher-listen (~> 2.0.0)
  strip_attributes
  table_print
  valid_email2
  xorcist

RUBY VERSION
   ruby 2.7.2p137

BUNDLED WITH
   2.1.4
